PATH
  remote: .
  specs:
    c66-copper (0.0.3)
      colorize (~> 0.8)
      ipaddress (~> 0.8)
      json (~> 1.4)
      jsonpath (~> 0.8)
      semantic (~> 1.6)
      thor (~> 0.20)
      treetop (~> 1.6)

GEM
  remote: https://rubygems.org/
  specs:
    byebug (10.0.0)
    colorize (0.8.1)
    ffi (1.9.23)
    ipaddress (0.8.3)
    json (1.8.3)
    jsonpath (0.8.11)
      multi_json
      to_regexp (~> 0.2.1)
    listen (3.1.5)
      rb-fsevent (~> 0.9, >= 0.9.4)
      rb-inotify (~> 0.9, >= 0.9.7)
      ruby_dep (~> 1.2)
    multi_json (1.13.1)
    polyglot (0.3.5)
    rake (10.5.0)
    rb-fsevent (0.10.3)
    rb-inotify (0.9.10)
      ffi (>= 0.5.0, < 2)
    rerun (0.13.0)
      listen (~> 3.0)
    ruby_dep (1.5.0)
    semantic (1.6.1)
    thor (0.20.0)
    to_regexp (0.2.1)
    treetop (1.6.9)
      polyglot (~> 0.3)

PLATFORMS
  ruby

DEPENDENCIES
  bundler (~> 1.14)
  byebug (~> 10.0)
  c66-copper!
  rake (~> 10.0)
  rerun (~> 0.13)

BUNDLED WITH
   1.16.1
